GEM
  remote: https://rubygems.org/
  specs:
    colorize (0.8.1)
    feep (0.2.1)
      os (~> 0.9, >= 0.9.6)
      wavefile (= 0.6.0)
    os (0.9.6)
    wavefile (0.6.0)

PLATFORMS
  ruby

DEPENDENCIES
  colorize (~> 0.8.1)
  feep (~> 0.2.1)

BUNDLED WITH
   2.0.2
